PATH
  remote: .
  specs:
    minion (0.2.0)
      amqp (>= 0.7.1)
      bunny (>= 0.6.0)
      json (>= 1.2.0)

GEM
  remote: http://rubygems.org/
  specs:
    amqp (0.7.1)
      eventmachine (>= 0.12.4)
    archive-tar-minitar (0.5.2)
    bunny (0.6.0)
    columnize (0.3.2)
    diff-lcs (1.1.2)
    eventmachine (0.12.10)
    json (1.5.1)
    linecache (0.43)
    linecache19 (0.5.11)
      ruby_core_source (>= 0.1.4)
    mocha (0.9.8)
      rake
    rake (0.8.7)
    rspec (2.5.0)
      rspec-core (~> 2.5.0)
      rspec-expectations (~> 2.5.0)
      rspec-mocks (~> 2.5.0)
    rspec-core (2.5.1)
    rspec-expectations (2.5.0)
      diff-lcs (~> 1.1.2)
    rspec-mocks (2.5.0)
    ruby-debug (0.10.4)
      columnize (>= 0.1)
      ruby-debug-base (~> 0.10.4.0)
    ruby-debug-base (0.10.4)
      linecache (>= 0.3)
    ruby-debug-base19 (0.11.24)
      columnize (>= 0.3.1)
      linecache19 (>= 0.5.11)
      ruby_core_source (>= 0.1.4)
    ruby-debug19 (0.11.6)
      columnize (>= 0.3.1)
      linecache19 (>= 0.5.11)
      ruby-debug-base19 (>= 0.11.19)
    ruby_core_source (0.1.4)
      archive-tar-minitar (>= 0.5.2)

PLATFORMS
  ruby

DEPENDENCIES
  minion!
  mocha (= 0.9.8)
  rspec (~> 2.4)
  ruby-debug
  ruby-debug19
